GIT
  remote: git://github.com/crepe/crepe.git
  revision: 32653a6667f19fbf2a89c483c892763ee156d151
  specs:
    crepe (0.0.1.pre)
      activesupport (>= 4.0.0)
      rack (~> 1.5.x)
      rack-mount (~> 0.8.x)

GIT
  remote: git://github.com/crepe/creperie.git
  revision: 0c7432ea7976f17ee76831ad969a63a10a141dc5
  specs:
    creperie (0.0.1.pre)
      clamp (~> 0.6)
      crepe (~> 0.0.1.pre)
      listen (~> 2.7)
      rack-console (~> 1.3)
      thor (~> 0.19)

GIT
  remote: git://github.com/crepe/new_relic-crepe.git
  revision: db33220e469a4218499959c460d2ca0e4bfbb8e1
  specs:
    new_relic-crepe (0.0.1.beta)
      crepe (>= 0.0.1.pre)
      newrelic_rpm (>= 3.9.2)

GEM
  remote: https://rubygems.org/
  specs:
    activemodel (4.2.1)
      activesupport (= 4.2.1)
      builder (~> 3.1)
    activerecord (4.2.1)
      activemodel (= 4.2.1)
      activesupport (= 4.2.1)
      arel (~> 6.0)
    activesupport (4.2.1)
      i18n (~> 0.7)
      json (~> 1.7, >= 1.7.7)
      minitest (~> 5.1)
      thread_safe (~> 0.3, >= 0.3.4)
      tzinfo (~> 1.1)
    arel (6.0.0)
    builder (3.2.2)
    celluloid (0.16.0)
      timers (~> 4.0.0)
    clamp (0.6.5)
    coderay (1.1.0)
    diff-lcs (1.2.5)
    ffi (1.9.8)
    hitimes (1.2.2)
    i18n (0.7.0)
    json (1.8.3)
    listen (2.10.0)
      celluloid (~> 0.16.0)
      rb-fsevent (>= 0.9.3)
      rb-inotify (>= 0.9)
    method_source (0.8.2)
    minitest (5.7.0)
    newrelic_rpm (3.12.0.288)
    pg (0.18.2)
    pry (0.10.1)
      coderay (~> 1.1.0)
      method_source (~> 0.8.1)
      slop (~> 3.4)
    puma (2.11.3)
      rack (>= 1.1, < 2.0)
    rack (1.6.1)
    rack-console (1.3.1)
      rack (>= 1.1)
      rack-test
    rack-mount (0.8.3)
      rack (>= 1.0.0)
    rack-test (0.6.3)
      rack (>= 1.0)
    rake (10.4.2)
    rb-fsevent (0.9.5)
    rb-inotify (0.9.5)
      ffi (>= 0.5.0)
    rspec (3.2.0)
      rspec-core (~> 3.2.0)
      rspec-expectations (~> 3.2.0)
      rspec-mocks (~> 3.2.0)
    rspec-core (3.2.3)
      rspec-support (~> 3.2.0)
    rspec-expectations (3.2.1)
      diff-lcs (>= 1.2.0, < 2.0)
      rspec-support (~> 3.2.0)
    rspec-mocks (3.2.1)
      diff-lcs (>= 1.2.0, < 2.0)
      rspec-support (~> 3.2.0)
    rspec-support (3.2.2)
    slop (3.6.0)
    thor (0.19.1)
    thread_safe (0.3.5)
    timers (4.0.1)
      hitimes
    tzinfo (1.2.2)
      thread_safe (~> 0.1)

PLATFORMS
  ruby

DEPENDENCIES
  activerecord
  crepe!
  creperie!
  new_relic-crepe!
  pg
  pry
  puma
  rack-test
  rake
  rspec

BUNDLED WITH
   1.10.3
